PATH
  remote: .
  specs:
    rubrowser (0.1.6)
      parser (~> 2.3, >= 2.3.0)

GEM
  remote: https://rubygems.org/
  specs:
    ast (2.3.0)
    parser (2.3.1.2)
      ast (~> 2.2)

PLATFORMS
  ruby

DEPENDENCIES
  rubrowser!

BUNDLED WITH
   1.12.5
