GEM
  remote: https://rubygems.org/
  specs:
    ast (2.3.0)
    coderay (1.1.1)
    method_source (0.8.2)
    parallel (1.9.0)
    parser (2.3.1.2)
      ast (~> 2.2)
    pry (0.10.4)
      coderay (~> 1.1.0)
      method_source (~> 0.8.1)
      slop (~> 3.4)
    slop (3.6.0)

PLATFORMS
  ruby

DEPENDENCIES
  parallel
  parser
  pry

BUNDLED WITH
   1.12.5
